GEM
  remote: http://rubygems.org/
  specs:
    actionmailer (2.3.4)
      actionpack (= 2.3.4)
    actionpack (2.3.4)
      activesupport (= 2.3.4)
      rack (~> 1.0.0)
    activerecord (2.3.4)
      activesupport (= 2.3.4)
    activeresource (2.3.4)
      activesupport (= 2.3.4)
    activesupport (2.3.4)
    annotate (2.4.0)
    clearance (0.8.8)
    factory_girl (1.2.4)
    jrails (0.6.0)
    minitest (1.7.2)
    rack (1.0.1)
    rails (2.3.4)
      actionmailer (= 2.3.4)
      actionpack (= 2.3.4)
      activerecord (= 2.3.4)
      activeresource (= 2.3.4)
      activesupport (= 2.3.4)
      rake (>= 0.8.3)
    rake (0.8.7)
    rcov (0.9.9)
    shoulda (2.10.2)
    sqlite3-ruby (1.3.1)

PLATFORMS
  ruby

DEPENDENCIES
  annotate (= 2.4.0)
  clearance (= 0.8.8)
  factory_girl (= 1.2.4)
  jrails (= 0.6.0)
  minitest (= 1.7.2)
  rack (= 1.0.1)
  rails (= 2.3.4)
  rcov (= 0.9.9)
  shoulda (= 2.10.2)
  sqlite3-ruby
